NUGET
  remote: http://www.nuget.org/api/v2
  specs:
    FAKE (4.25.2)
    FSharp.Compiler.Service (3.0)
    FSharp.Core (4.0.0.1)
    FSharp.Data (2.2.5)
      Zlib.Portable (>= 1.10) - framework: portable-net40+sl50+wp80+win80
    FSharp.Data.Toolbox.Twitter (0.14)
      FSharp.Data (>= 2.2.3)
    Suave (1.1.2)
      FSharp.Core (>= 3.1.2.5)
    Zlib.Portable (1.11) - framework: portable-net40+sl50+wp80+win80
