NUGET
  remote: http://nuget.org/api/v2
  specs:
    Deedle (1.2.4)
    Deedle.RPlugin (1.2.4)
      Deedle (>= 1.2.4)
      R.NET.Community (>= 1.6.4)
      R.NET.Community.FSharp (>= 1.6.4)
      RProvider (>= 1.1.13)
    DynamicInterop (0.7.4)
    FAKE (4.5.4)
    Foogle.Charts (0.0.5)
    FSharp.Charting (0.90.12)
    FSharp.Compiler.Service (1.3.1.2)
    FSharp.Core (4.0.0.1)
    FSharp.Data (2.2.5)
      Zlib.Portable (>= 1.10.0) - framework: portable-net40+sl50+wp80+win80
    FSharp.Formatting (2.10.0)
      FSharp.Compiler.Service (>= 0.0.87)
      FSharpVSPowerTools.Core (1.8.0)
    FSharpVSPowerTools.Core (1.8.0)
      FSharp.Compiler.Service (>= 0.0.87)
    FsLab (0.3.8)
      Deedle (1.2.4)
      Deedle.RPlugin (1.2.4)
      Foogle.Charts (0.0.5)
      FSharp.Charting (0.90.12)
      FSharp.Data (2.2.5)
      Google.DataTable.Net.Wrapper (3.1.2.0)
      MathNet.Numerics (3.8.0)
      MathNet.Numerics.FSharp (3.8.0)
      Newtonsoft.Json (7.0.1)
      R.NET.Community (1.6.4)
      R.NET.Community.FSharp (1.6.4)
      RProvider (1.1.14)
      XPlot.GoogleCharts (1.2.1)
      XPlot.GoogleCharts.Deedle (1.2.1)
      XPlot.Plotly (1.2.1)
    FsLab.Runner (0.3.8)
      Deedle (1.2.4)
      Deedle.RPlugin (1.2.4)
      Foogle.Charts (0.0.5)
      FSharp.Charting (0.90.12)
      FSharp.Compiler.Service (1.3.1.2)
      FSharp.Data (2.2.5)
      FSharp.Formatting (2.10.0)
      FSharpVSPowerTools.Core (1.8.0)
      Google.DataTable.Net.Wrapper (3.1.2.0)
      MathNet.Numerics (3.8.0)
      MathNet.Numerics.FSharp (3.8.0)
      Newtonsoft.Json (7.0.1)
      R.NET.Community (1.6.4)
      R.NET.Community.FSharp (1.6.4)
      RProvider (1.1.14)
      XPlot.GoogleCharts (1.2.1)
      XPlot.GoogleCharts.Deedle (1.2.1)
      XPlot.Plotly (1.2.1)
    Google.DataTable.Net.Wrapper (3.1.2.0)
    Http.fs (1.5.1)
    MathNet.Numerics (3.8.0)
      TaskParallelLibrary (>= 1.0.2856.0) - framework: net35
    MathNet.Numerics.FSharp (3.8.0)
      FSharp.Core (>= 3.1.2.5)
      MathNet.Numerics (3.8.0)
    Newtonsoft.Json (7.0.1)
    R.NET.Community (1.6.4)
      DynamicInterop (0.7.4)
    R.NET.Community.FSharp (1.6.4)
      R.NET.Community (>= 1.6.4)
    RProvider (1.1.14)
      DynamicInterop (0.7.4)
      R.NET.Community (1.6.4)
      R.NET.Community.FSharp (1.6.4)
    Suave (0.32.1)
      FSharp.Core (>= 3.1.2.5)
    TaskParallelLibrary (1.0.2856.0) - framework: net35
    XPlot.GoogleCharts (1.2.1)
      Google.DataTable.Net.Wrapper
      Newtonsoft.Json
    XPlot.GoogleCharts.Deedle (1.2.1)
      Deedle
      XPlot.GoogleCharts (>= 1.2.1)
    XPlot.Plotly (1.2.1)
      Http.fs
      Newtonsoft.Json
    Zlib.Portable (1.11.0) - framework: portable-net40+sl50+wp80+win80
