NUGET
  remote: https://nuget.org/api/v2
  specs:
    Deedle (1.0.7)
    Deedle.RPlugin (1.0.7)
      Deedle (>= 1.0.7)
      R.NET.Community (>= 1.5.16)
      R.NET.Community.FSharp (>= 0.1.9)
      RProvider (>= 1.1.8)
    FAKE (3.23.0)
    Foogle.Charts (0.0.4)
    FSharp.Charting (0.90.9)
    FSharp.Compiler.Service (0.0.86)
    FSharp.Core (3.1.2.1)
    FSharp.Data (2.1.1)
      Zlib.Portable (>= 1.10.0)
    FSharp.Formatting (2.7.5)
      FSharp.Compiler.Service (>= 0.0.82)
      FSharpVSPowerTools.Core (>= 1.7.0)
    FSharpVSPowerTools.Core (1.7.0)
      FSharp.Compiler.Service (>= 0.0.81)
    FsLab (0.1.3)
      Deedle (1.0.7)
      Deedle.RPlugin (1.0.7)
      FSharp.Charting (0.90.9)
      FSharp.Data (2.1.1)
      Foogle.Charts (0.0.4)
      MathNet.Numerics (3.5.0)
      MathNet.Numerics.FSharp (3.5.0)
      R.NET.Community (1.5.16)
      R.NET.Community.FSharp (0.1.9)
      RProvider (1.1.8)
    FsPickler (1.0.15)
    FsReveal (0.7.0)
      FSharp.Formatting (>= 2.7.5)
      FSharpVSPowerTools.Core (>= 1.7.0)
    MathNet.Numerics (3.5.0)
      TaskParallelLibrary (>= 1.0.2856) - framework: >= net35 < net40
    MathNet.Numerics.FSharp (3.5.0)
      FSharp.Core (>= 3.1.2.1)
      MathNet.Numerics (3.5.0)
    R.NET.Community (1.5.16)
    R.NET.Community.FSharp (0.1.9)
      R.NET.Community (>= 1.5.16)
    RProvider (1.1.8)
      R.NET.Community (1.5.16)
      R.NET.Community.FSharp (0.1.9)
    Suave (0.26.0)
      FSharp.Core (>= 3.1.2.1)
      FsPickler (>= 1.0.7)
    TaskParallelLibrary (1.0.2856.0) - framework: >= net35 < net40
    Zlib.Portable (1.10.0)
