NUGET
  remote: https://nuget.org/api/v2
  specs:
    FAKE (4.4.4)
    FSharp.Compiler.Service (0.0.90)
    FSharp.Core (4.0.0.1)
    FSharp.Formatting (2.10.3)
      FSharp.Compiler.Service (>= 0.0.90 <= 1.3)
      FSharpVSPowerTools.Core (1.9.0)
    FSharpVSPowerTools.Core (1.9.0)
      FSharp.Compiler.Service (>= 0.0.90)
    FsPickler (1.4.0)
    FsReveal (1.0.3)
      FSharp.Formatting (>= 2.7.5)
    Suave (0.31.2)
      FSharp.Core (>= 3.1.2.5)
      FsPickler (>= 1.2.5)
