RESTRICTION: >= net40
NUGET
  remote: https://www.nuget.org/api/v2
    Deedle (1.2.5)
    FSharp.Core (4.5.3)
    FSharp.Data (2.4.6)
    FsLab (1.1.6)
      Deedle (1.2.5)
      FSharp.Data (2.4.6)
      Google.DataTable.Net.Wrapper (3.1.2)
      MathNet.Numerics (3.20.2)
      MathNet.Numerics.FSharp (3.20.2)
      Newtonsoft.Json (11.0.2)
      Suave (2.1.1)
      XPlot.GoogleCharts (1.5)
      XPlot.GoogleCharts.Deedle (1.5)
      XPlot.Plotly (1.5)
    Google.DataTable.Net.Wrapper (3.1.2)
    MathNet.Numerics (3.20.2)
    MathNet.Numerics.FSharp (3.20.2)
      FSharp.Core (>= 3.1.2.5)
      MathNet.Numerics (3.20.2)
    Microsoft.NETCore.Platforms (2.1.2) - restriction: || (&& (>= net40) (< net45) (< netstandard1.2) (>= netstandard1.6)) (&& (>= net40) (< net45) (< netstandard1.3) (>= netstandard1.6)) (&& (>= net40) (< net45) (< netstandard1.4) (>= netstandard1.6)) (&& (>= net40) (< net45) (< netstandard1.5) (>= netstandard1.6)) (&& (>= net40) (< net45) (>= netstandard1.6) (< netstandard2.0)) (&& (>= net40) (< net45) (>= netstandard2.0)) (&& (>= net40) (>= netcoreapp2.0)) (&& (>= net40) (< netstandard1.0) (>= netstandard1.6)) (&& (>= net40) (< netstandard1.3) (>= netstandard1.6) (>= wpa81)) (&& (>= net40) (< netstandard1.5) (>= netstandard1.6) (>= uap10.0)) (&& (>= net40) (>= netstandard1.6) (< portable-net45+win8+wpa81)) (&& (>= net40) (>= netstandard1.6) (>= uap10.1)) (&& (>= net40) (>= netstandard1.6) (>= wp8)) (&& (>= net45) (< netstandard1.3) (>= netstandard1.6)) (&& (>= net46) (< netstandard1.4) (>= netstandard1.6)) (&& (>= net461) (>= netstandard1.6))
    NETStandard.Library (2.0.3) - restriction: && (>= net40) (>= netstandard1.6)
      Microsoft.NETCore.Platforms (>= 1.1) - restriction: || (&& (>= net40) (< net45) (>= netstandard1.1) (< netstandard1.2)) (&& (>= net40) (< net45) (>= netstandard1.2) (< netstandard1.3)) (&& (>= net40) (< net45) (>= netstandard1.3) (< netstandard1.4)) (&& (>= net40) (< net45) (>= netstandard1.4) (< netstandard1.5)) (&& (>= net40) (< net45) (>= netstandard1.5) (< netstandard1.6)) (&& (>= net40) (< net45) (>= netstandard1.6) (< netstandard2.0)) (&& (>= net40) (< net45) (>= netstandard2.0)) (&& (>= net40) (>= netcoreapp2.0)) (&& (>= net40) (>= netstandard1.0) (< portable-net45+win8+wpa81)) (&& (>= net40) (< netstandard1.0) (>= portable-net45+win8)) (&& (>= net40) (< netstandard1.0) (< portable-net45+win8) (>= portable-net45+win8+wpa81)) (&& (>= net40) (< netstandard1.0) (>= portable-net45+win8+wp8+wpa81) (< portable-net45+win8+wpa81)) (&& (>= net40) (< netstandard1.0) (>= win8)) (&& (>= net40) (< netstandard1.3) (>= wpa81)) (&& (>= net40) (< netstandard1.5) (>= uap10.0)) (&& (>= net40) (>= uap10.1)) (&& (>= net40) (>= wp8)) (&& (>= net45) (< netstandard1.3)) (&& (>= net46) (< netstandard1.4)) (>= net461)
    Newtonsoft.Json (11.0.2)
    Suave (2.1.1)
      FSharp.Core (>= 4.0.0.1) - restriction: && (>= net40) (< netstandard1.6)
      FSharp.Core (>= 4.1.17) - restriction: && (>= net40) (>= netstandard1.6)
      NETStandard.Library (>= 1.6.1) - restriction: && (>= net40) (>= netstandard1.6)
      System.Data.Common (>= 4.1) - restriction: && (>= net40) (>= netstandard1.6)
      System.Diagnostics.Process (>= 4.1) - restriction: && (>= net40) (>= netstandard1.6)
      System.Globalization.Extensions (>= 4.3) - restriction: && (>= net40) (>= netstandard1.6)
      System.Net.Security (>= 4.0) - restriction: && (>= net40) (>= netstandard1.6)
      System.Runtime.Serialization.Json (>= 4.0.2) - restriction: && (>= net40) (>= netstandard1.6)
      System.Security.Claims (>= 4.0.1) - restriction: && (>= net40) (>= netstandard1.6)
      System.Security.Cryptography.Primitives (>= 4.3) - restriction: && (>= net40) (>= netstandard1.6)
    System.Data.Common (4.3) - restriction: && (>= net40) (>= netstandard1.6)
    System.Diagnostics.Process (4.3) - restriction: && (>= net40) (>= netstandard1.6)
    System.Globalization.Extensions (4.3) - restriction: && (>= net40) (>= netstandard1.6)
    System.IO (4.3) - restriction: || (&& (>= net40) (< net46) (>= netstandard1.6)) (&& (>= net40) (< netstandard1.3) (>= netstandard1.6)) (&& (>= net46) (< netstandard1.3) (>= netstandard1.6)) (&& (< net46) (>= net461) (>= netstandard1.6)) (&& (>= net461) (< netstandard1.3) (>= netstandard1.6)) (&& (>= net463) (>= netstandard1.6))
    System.Net.Security (4.3.2) - restriction: && (>= net40) (>= netstandard1.6)
      System.Security.Cryptography.X509Certificates (>= 4.3) - restriction: || (&& (>= net40) (>= netstandard1.3) (< netstandard1.6)) (&& (>= net40) (>= netstandard1.6)) (>= net46)
    System.Runtime (4.3) - restriction: || (&& (>= net40) (< net46) (>= netstandard1.6)) (&& (>= net40) (< netstandard1.3) (>= netstandard1.6)) (&& (>= net46) (< netstandard1.3) (>= netstandard1.6)) (&& (< net46) (>= net461) (>= netstandard1.6)) (&& (>= net461) (< netstandard1.3) (>= netstandard1.6)) (&& (>= net463) (>= netstandard1.6))
    System.Runtime.Serialization.Json (4.3) - restriction: && (>= net40) (>= netstandard1.6)
    System.Security.Claims (4.3) - restriction: && (>= net40) (>= netstandard1.6)
    System.Security.Cryptography.Algorithms (4.3.1) - restriction: || (&& (>= net40) (< net46) (>= netstandard1.6)) (&& (>= net40) (< netstandard1.3) (>= netstandard1.6)) (&& (>= net46) (< netstandard1.3) (>= netstandard1.6)) (&& (>= net46) (< netstandard1.4) (>= netstandard1.6)) (&& (>= net461) (>= netstandard1.6))
      System.IO (>= 4.3) - restriction: || (&& (>= net40) (< net46) (>= netstandard1.3) (< netstandard1.4)) (&& (>= net40) (< net46) (>= netstandard1.4) (< netstandard1.6)) (&& (>= net40) (< net46) (>= netstandard1.6)) (&& (>= net40) (< netstandard1.3)) (>= net463)
      System.Runtime (>= 4.3) - restriction: || (&& (>= net40) (< net46) (>= netstandard1.3) (< netstandard1.4)) (&& (>= net40) (< net46) (>= netstandard1.4) (< netstandard1.6)) (&& (>= net40) (< net46) (>= netstandard1.6)) (&& (>= net40) (< netstandard1.3)) (>= net463)
      System.Security.Cryptography.Encoding (>= 4.3) - restriction: || (&& (>= net40) (< net46) (>= netstandard1.6)) (&& (>= net40) (< netstandard1.3)) (>= net463)
      System.Security.Cryptography.Primitives (>= 4.3)
    System.Security.Cryptography.Encoding (4.3) - restriction: || (&& (>= net40) (< net46) (>= netstandard1.6)) (&& (>= net40) (< netstandard1.3) (>= netstandard1.6)) (&& (>= net46) (< netstandard1.3) (>= netstandard1.6)) (&& (>= net46) (< netstandard1.4) (>= netstandard1.6)) (&& (>= net461) (>= netstandard1.6))
    System.Security.Cryptography.Primitives (4.3) - restriction: && (>= net40) (>= netstandard1.6)
    System.Security.Cryptography.X509Certificates (4.3.2) - restriction: || (&& (>= net40) (>= netstandard1.6)) (&& (>= net46) (>= netstandard1.6))
      System.Security.Cryptography.Algorithms (>= 4.3)
      System.Security.Cryptography.Encoding (>= 4.3)
    XPlot.GoogleCharts (1.5)
      FSharp.Core
      Google.DataTable.Net.Wrapper (>= 3.1.2)
      Newtonsoft.Json (>= 11.0.2)
    XPlot.GoogleCharts.Deedle (1.5)
      Deedle (>= 1.2.5)
      FSharp.Core
      XPlot.GoogleCharts (>= 1.5)
    XPlot.Plotly (1.5)
      FSharp.Core
      Newtonsoft.Json (>= 11.0.2)
