NUGET
  remote: https://www.nuget.org/api/v2
  specs:
    canopy (0.9.32)
      FSharp.Core (>= 3.0.2)
      Selenium.Support (2.47.0)
      Selenium.WebDriver (2.47.0)
      SizSelCsZzz (0.3.36.0)
    Deedle (1.2.2)
    Deedle.RPlugin (1.2.2)
      Deedle (>= 1.2.2)
      R.NET.Community (>= 1.6.4)
      R.NET.Community.FSharp (>= 1.6.4)
      RProvider (>= 1.1.12)
    DynamicInterop (0.7.4)
    FAKE (4.3.0)
    Foogle.Charts (0.0.5)
    FsCheck (2.0.7)
      FSharp.Core (>= 3.1.2.5)
    FSharp.Charting (0.90.12)
    FSharp.Core (4.0.0.1)
    FSharp.Data (2.2.3)
      Zlib.Portable (>= 1.10.0) - framework: portable-net40+sl50+wp80+win80
    FsLab (0.3.5)
      Deedle (1.2.2)
      Deedle.RPlugin (1.2.2)
      FSharp.Charting (0.90.12)
      FSharp.Data (2.2.3)
      Foogle.Charts (0.0.5)
      Google.DataTable.Net.Wrapper (3.1.2.0)
      MathNet.Numerics (3.7.0)
      MathNet.Numerics.FSharp (3.7.0)
      Newtonsoft.Json (7.0.1)
      R.NET.Community (1.6.4)
      R.NET.Community.FSharp (1.6.4)
      RProvider (1.1.12)
      XPlot.GoogleCharts (1.2.0)
      XPlot.GoogleCharts.Deedle (1.2.0)
      XPlot.Plotly (1.2.0)
    FsPickler (1.3.7)
    FsUnit (1.3.1.0)
      NUnit (2.6.4)
    Google.DataTable.Net.Wrapper (3.1.2.0)
    Http.fs (1.5.1)
    MathNet.Numerics (3.7.0)
      TaskParallelLibrary (>= 1.0.2856) - framework: >= net35 < net40
    MathNet.Numerics.FSharp (3.7.0)
      FSharp.Core (>= 3.1.2.1)
      MathNet.Numerics (3.7.0)
    Newtonsoft.Json (7.0.1)
    NUnit (2.6.4)
    NUnit.Runners (2.6.4)
    R.NET.Community (1.6.4)
      DynamicInterop (0.7.4)
    R.NET.Community.FSharp (1.6.4)
      R.NET.Community (>= 1.6.4)
    RProvider (1.1.12)
      DynamicInterop (0.7.4)
      R.NET.Community (1.6.4)
      R.NET.Community.FSharp (1.6.4)
    Selenium.Support (2.47.0)
      Selenium.WebDriver (>= 2.47.0)
    Selenium.WebDriver (2.47.0)
    SizSelCsZzz (0.3.36.0)
      Newtonsoft.Json (>= 6.0)
      Selenium.Support (>= 2.40)
      Selenium.WebDriver (>= 2.40)
    Suave (0.31.1)
      FSharp.Core (>= 4.0.0.1)
      FsPickler (>= 1.2.5)
    TaskParallelLibrary (1.0.2856.0) - framework: >= net35 < net40
    XPlot.GoogleCharts (1.2.0)
      Google.DataTable.Net.Wrapper
      Newtonsoft.Json
    XPlot.GoogleCharts.Deedle (1.2.0)
      Deedle
      XPlot.GoogleCharts (>= 1.2.0)
    XPlot.Plotly (1.2.0)
      Http.fs
      Newtonsoft.Json
    Zlib.Portable (1.11.0) - framework: portable-net40+sl50+wp80+win80
