REDIRECTS: ON
NUGET
  remote: https://www.nuget.org/api/v2
  specs:
    canopy (0.9.43)
      FSharp.Core (>= 3.0.2)
      Selenium.Support (2.48.2)
      Selenium.WebDriver (2.48.2)
      SizSelCsZzz (0.3.36.0)
    FsCheck (2.2.4)
      FSharp.Core (>= 3.1.2.5)
    FSharp.Core (4.0.0.1)
    FsUnit (1.4.1)
      FSharp.Core (>= 3.1.2.5)
      NUnit (2.6.4)
    Newtonsoft.Json (8.0.2)
    NUnit (2.6.4)
    Selenium.Support (2.48.2)
      Selenium.WebDriver (>= 2.48.2)
    Selenium.WebDriver (2.48.2)
    SizSelCsZzz (0.3.36)
      Newtonsoft.Json (>= 6.0)
      Selenium.Support (>= 2.40)
      Selenium.WebDriver (>= 2.40)
