NUGET
  remote: https://www.nuget.org/api/v2
  specs:
    DotLiquid (1.8.0)
    FAKE (4.22.8)
    FSharp.Compiler.Service (2.0.0.6)
    FSharp.Core (4.0.0.1)
    FSharp.Data (2.2.5)
      Zlib.Portable (>= 1.10.0) - framework: portable-net40+sl50+wp80+win80
    Suave (1.1.2)
      FSharp.Core (>= 3.1.2.5)
    Suave.DotLiquid (1.1.2)
      DotLiquid (>= 1.8.0)
      FSharp.Core (>= 3.1.2.5)
      Suave (>= 1.1.2)
    Zlib.Portable (1.11.0) - framework: portable-net40+sl50+wp80+win80
